GEM
  remote: https://rubygems.org/
  specs:
    erubis (2.7.0)
    mail (2.6.4)
      mime-types (>= 1.16, < 4)
    mime-types (3.1)
      mime-types-data (~> 3.2015)
    mime-types-data (3.2016.0521)
    rack (2.0.1)
    rack-unreloader (1.6.0)
    roda (2.24.0)
      rack
    tilt (2.0.7)

PLATFORMS
  ruby

DEPENDENCIES
  erubis
  mail
  rack-unreloader
  roda
  tilt

BUNDLED WITH
   1.14.4
