GEM
  remote: https://rubygems.org/
  specs:
    erubis (2.7.0)
    forme (1.5.0)
    rack (2.0.1)
    rack-unreloader (1.6.0)
    roda (2.24.0)
      rack
    tilt (2.0.7)

PLATFORMS
  ruby

DEPENDENCIES
  erubis
  forme
  rack-unreloader
  roda
  tilt

BUNDLED WITH
   1.14.4
