GEM
  remote: https://rubygems.org/
  specs:
    coderay (1.1.1)
    erubis (2.7.0)
    haml (4.0.7)
      tilt
    method_source (0.8.2)
    pry (0.10.4)
      coderay (~> 1.1.0)
      method_source (~> 0.8.1)
      slop (~> 3.4)
    rack (2.2.6.4)
    rack-unreloader (1.6.0)
    rake (12.0.0)
    roda (2.24.0)
      rack
    slop (3.6.0)
    tilt (2.0.7)

PLATFORMS
  ruby

DEPENDENCIES
  erubis
  haml
  pry
  rack
  rack-unreloader
  rake
  roda
  tilt

BUNDLED WITH
   1.14.4
